PATH
  remote: .
  specs:
    sscharter (0.6.0)
      em-websocket (~> 0.5)
      filewatcher (~> 2.0)
      launchy (~> 2.5)
      rubyzip (~> 2.3)
      webrick (~> 1.8)

GEM
  remote: https://rubygems.org/
  specs:
    addressable (2.8.7)
      public_suffix (>= 2.0.2, < 7.0)
    em-websocket (0.5.3)
      eventmachine (>= 0.12.9)
      http_parser.rb (~> 0)
    eventmachine (1.2.7)
    filewatcher (2.1.0)
      module_methods (~> 0.1.0)
    http_parser.rb (0.8.0)
    launchy (2.5.2)
      addressable (~> 2.8)
    minitest (5.24.1)
    module_methods (0.1.0)
    public_suffix (6.0.1)
    rake (13.2.1)
    rubyzip (2.3.2)
    webrick (1.8.1)

PLATFORMS
  x86_64-linux

DEPENDENCIES
  em-websocket (~> 0.5)
  filewatcher (~> 2.0)
  launchy (~> 2.5)
  minitest (~> 5.0)
  rake (~> 13.0)
  rubyzip (~> 2.3)
  sscharter!
  webrick (~> 1.8)

BUNDLED WITH
   2.5.16
