PATH
  remote: .
  specs:
    sscharter (0.10.0)
      base64
      concurrent-ruby (~> 1.3)
      em-websocket (~> 0.5)
      filewatcher (~> 2.0)
      launchy (>= 2.5, < 4.0)
      rubyzip (~> 3.1)
      webrick (~> 1.8)

GEM
  remote: https://rubygems.org/
  specs:
    addressable (2.8.7)
      public_suffix (>= 2.0.2, < 7.0)
    base64 (0.3.0)
    childprocess (5.1.0)
      logger (~> 1.5)
    concurrent-ruby (1.3.5)
    em-websocket (0.5.3)
      eventmachine (>= 0.12.9)
      http_parser.rb (~> 0)
    eventmachine (1.2.7)
    filewatcher (2.1.0)
      module_methods (~> 0.1.0)
    http_parser.rb (0.8.0)
    launchy (3.1.1)
      addressable (~> 2.8)
      childprocess (~> 5.0)
      logger (~> 1.6)
    logger (1.7.0)
    minitest (5.26.0)
    module_methods (0.1.0)
    public_suffix (6.0.2)
    rake (13.3.0)
    rubyzip (3.2.1)
    webrick (1.9.1)
    yard (0.9.37)

PLATFORMS
  x64-mingw-ucrt
  x86_64-linux

DEPENDENCIES
  minitest (~> 5.0)
  rake (~> 13.0)
  sscharter!
  yard (~> 0.9)

BUNDLED WITH
   2.7.1
